GEM
  remote: https://rubygems.org/
  specs:
    coderay (1.1.0)
    eaal (0.1.12)
      faraday (>= 0.8.4)
      hpricot (>= 0.6)
      memcache-client (>= 1.7.1)
    faraday (0.9.0)
      multipart-post (>= 1.2, < 3)
    hpricot (0.8.6)
    memcache-client (1.8.5)
    method_source (0.8.2)
    multipart-post (2.0.0)
    pg (0.18.2)
    pry (0.10.3)
      coderay (~> 1.1.0)
      method_source (~> 0.8.1)
      slop (~> 3.4)
    sequel (4.30.0)
    slop (3.6.0)
    sqlite3 (1.3.11)

PLATFORMS
  ruby

DEPENDENCIES
  eaal
  pg
  pry
  sequel
  sqlite3
