GEM
  remote: https://rubygems.org/
  specs:
    eaal (0.1.12)
      faraday (>= 0.8.4)
      hpricot (>= 0.6)
      memcache-client (>= 1.7.1)
    faraday (0.9.0)
      multipart-post (>= 1.2, < 3)
    hpricot (0.8.6)
    memcache-client (1.8.5)
    multipart-post (2.0.0)

PLATFORMS
  ruby

DEPENDENCIES
  eaal

BUNDLED WITH
   1.10.6
